GEM
  remote: http://rubygems.org/
  specs:
    backports (1.18.2)
    haml (3.0.21)
    monkey-lib (0.5.4)
      backports
    mysql (2.8.1)
    rack (1.2.1)
    sequel (3.16.0)
    sinatra (1.0)
      rack (>= 1.0)
    sinatra-advanced-routes (0.5.1)
      monkey-lib (~> 0.5.0)
      sinatra (~> 1.0)
      sinatra-sugar (~> 0.5.0)
    sinatra-reloader (0.5.0)
      sinatra (~> 1.0)
      sinatra-advanced-routes (~> 0.5.0)
    sinatra-sugar (0.5.0)
      monkey-lib (~> 0.5.0)
      sinatra (~> 1.0)

PLATFORMS
  ruby

DEPENDENCIES
  haml
  mysql
  sequel
  sinatra (>= 1.0)
  sinatra-reloader
